GEM
  remote: https://rubygems.org/
  specs:
    actioncable (5.0.1)
      actionpack (= 5.0.1)
      nio4r (~> 1.2)
      websocket-driver (~> 0.6.1)
    actionmailer (5.0.1)
      actionpack (= 5.0.1)
      actionview (= 5.0.1)
      activejob (= 5.0.1)
      mail (~> 2.5, >= 2.5.4)
      rails-dom-testing (~> 2.0)
    actionpack (5.0.1)
      actionview (= 5.0.1)
      activesupport (= 5.0.1)
      rack (~> 2.0)
      rack-test (~> 0.6.3)
      rails-dom-testing (~> 2.0)
      rails-html-sanitizer (~> 1.0, >= 1.0.2)
    actionview (5.0.1)
      activesupport (= 5.0.1)
      builder (~> 3.1)
      erubis (~> 2.7.0)
      rails-dom-testing (~> 2.0)
      rails-html-sanitizer (~> 1.0, >= 1.0.2)
    activejob (5.0.1)
      activesupport (= 5.0.1)
      globalid (>= 0.3.6)
    activemodel (5.0.1)
      activesupport (= 5.0.1)
    activerecord (5.0.1)
      activemodel (= 5.0.1)
      activesupport (= 5.0.1)
      arel (~> 7.0)
    activesupport (5.0.1)
      concurrent-ruby (~> 1.0, >= 1.0.2)
      i18n (~> 0.7)
      minitest (~> 5.1)
      tzinfo (~> 1.1)
    addressable (2.5.0)
      public_suffix (~> 2.0, >= 2.0.2)
    annotate (2.7.1)
      activerecord (>= 3.2, < 6.0)
      rake (>= 10.4, < 12.0)
    apipony (0.0.9)
      jquery-rails (>= 4.0.4)
      rails (>= 4.2.4)
      sass (>= 3.4.19)
    arel (7.1.4)
    ast (2.3.0)
    attr_encrypted (3.0.3)
      encryptor (~> 3.0.0)
    autoprefixer-rails (6.7.2)
      execjs
    aws-sdk (2.7.6)
      aws-sdk-resources (= 2.7.6)
    aws-sdk-core (2.7.6)
      aws-sigv4 (~> 1.0)
      jmespath (~> 1.0)
    aws-sdk-resources (2.7.6)
      aws-sdk-core (= 2.7.6)
    aws-sigv4 (1.0.0)
    babel-source (5.8.35)
    babel-transpiler (0.7.0)
      babel-source (>= 4.0, < 6)
      execjs (~> 2.0)
    bcrypt (3.1.11)
    better_errors (2.1.1)
      coderay (>= 1.0.0)
      erubis (>= 2.6.6)
      rack (>= 0.9.0)
    binding_of_caller (0.7.2)
      debug_inspector (>= 0.0.1)
    brakeman (3.5.0)
    builder (3.2.3)
    bullet (5.5.0)
      activesupport (>= 3.0.0)
      uniform_notifier (~> 1.10.0)
    bundler-audit (0.5.0)
      bundler (~> 1.2)
      thor (~> 0.18)
    capybara (2.12.0)
      addressable
      mime-types (>= 1.16)
      nokogiri (>= 1.3.3)
      rack (>= 1.0.0)
      rack-test (>= 0.5.4)
      xpath (~> 2.0)
    capybara-screenshot (1.0.14)
      capybara (>= 1.0, < 3)
      launchy
    capybara-webkit (1.12.0)
      capybara (>= 2.3.0, < 2.13.0)
      json
    celluloid (0.16.0)
      timers (~> 4.0.0)
    chunky_png (1.3.8)
    climate_control (0.1.0)
    cocaine (0.5.8)
      climate_control (>= 0.0.3, < 1.0)
    code_analyzer (0.4.7)
      sexp_processor
    coderay (1.1.1)
    coffee-rails (4.2.1)
      coffee-script (>= 2.2.0)
      railties (>= 4.0.0, < 5.2.x)
    coffee-script (2.4.1)
      coffee-script-source
      execjs
    coffee-script-source (1.12.2)
    concurrent-ruby (1.0.4)
    connection_pool (2.2.1)
    dalli (2.7.6)
    database_cleaner (1.5.3)
    debug_inspector (0.0.2)
    delayed_paperclip (3.0.1)
      activejob (>= 4.2)
      paperclip (>= 3.3)
    devise (4.2.0)
      bcrypt (~> 3.0)
      orm_adapter (~> 0.1)
      railties (>= 4.1.0, < 5.1)
      responders
      warden (~> 1.2.3)
    devise-two-factor (3.0.0)
      activesupport
      attr_encrypted (>= 1.3, < 4, != 2)
      devise (~> 4.0)
      railties
      rotp (~> 2.0)
    diff-lcs (1.3)
    docile (1.1.5)
    domain_name (0.5.20161129)
      unf (>= 0.0.5, < 1.0.0)
    dotenv (2.2.0)
    dotenv-rails (2.2.0)
      dotenv (= 2.2.0)
      railties (>= 3.2, < 5.1)
    easy_translate (0.5.0)
      json
      thread
      thread_safe
    encryptor (3.0.0)
    erubis (2.7.0)
    execjs (2.7.0)
    factory_girl (4.8.0)
      activesupport (>= 3.0.0)
    factory_girl_rails (4.8.0)
      factory_girl (~> 4.8.0)
      railties (>= 3.0.0)
    faker (1.7.3)
      i18n (~> 0.5)
    faraday (0.10.1)
      multipart-post (>= 1.2, < 3)
    ffi (1.9.17)
    fontcustom (1.3.8)
      json (~> 1.4)
      listen (>= 1.0, < 3.0)
      thor (~> 0.14)
    foreman (0.83.0)
      thor (~> 0.19.1)
    friendly_id (5.2.0)
      activerecord (>= 4.0.0)
    globalid (0.3.7)
      activesupport (>= 4.1.0)
    highline (1.7.8)
    hitimes (1.2.4)
    http-cookie (1.0.3)
      domain_name (~> 0.5)
    i18n (0.8.0)
    i18n-tasks (0.9.11)
      activesupport (>= 4.0.2)
      ast (>= 2.1.0)
      easy_translate (>= 0.5.0)
      erubis
      highline (>= 1.7.3)
      i18n
      parser (>= 2.2.3.0)
      term-ansicolor (>= 1.3.2)
      terminal-table (>= 1.5.1)
    jbuilder (2.6.1)
      activesupport (>= 3.0.0, < 5.1)
      multi_json (~> 1.2)
    jmespath (1.3.1)
    jquery-rails (4.2.2)
      rails-dom-testing (>= 1, < 3)
      railties (>= 4.2.0)
      thor (>= 0.14, < 2.0)
    jquery-turbolinks (2.1.0)
      railties (>= 3.1.0)
      turbolinks
    json (1.8.6)
    jwt (1.5.6)
    launchy (2.4.3)
      addressable (~> 2.3)
    letter_opener (1.4.1)
      launchy (~> 2.2)
    letter_opener_web (1.3.1)
      actionmailer (>= 3.2)
      letter_opener (~> 1.0)
      railties (>= 3.2)
    listen (2.10.1)
      celluloid (~> 0.16.0)
      rb-fsevent (>= 0.9.3)
      rb-inotify (>= 0.9)
    loofah (2.0.3)
      nokogiri (>= 1.5.9)
    mail (2.6.4)
      mime-types (>= 1.16, < 4)
    method_source (0.8.2)
    migration_data (0.3.0)
    mime-types (3.1)
      mime-types-data (~> 3.2015)
    mime-types-data (3.2016.0521)
    mimemagic (0.3.2)
    mini_magick (4.6.0)
    mini_portile2 (2.1.0)
    minitest (5.10.1)
    multi_json (1.12.1)
    multi_xml (0.6.0)
    multipart-post (2.0.0)
    netrc (0.11.0)
    newrelic_rpm (3.18.1.330)
    nio4r (1.2.1)
    nokogiri (1.7.0.1)
      mini_portile2 (~> 2.1.0)
    oauth2 (1.3.0)
      faraday (>= 0.8, < 0.11)
      jwt (~> 1.0)
      multi_json (~> 1.3)
      multi_xml (~> 0.5)
      rack (>= 1.2, < 3)
    orm_adapter (0.5.0)
    paperclip (5.0.0)
      activemodel (>= 4.2.0)
      activesupport (>= 4.2.0)
      cocaine (~> 0.5.5)
      mime-types
      mimemagic (~> 0.3.0)
    parser (2.4.0.0)
      ast (~> 2.2)
    pg (0.19.0)
    possessive (1.0.1)
    powerpack (0.1.1)
    pry (0.10.4)
      coderay (~> 1.1.0)
      method_source (~> 0.8.1)
      slop (~> 3.4)
    pry-rails (0.3.4)
      pry (>= 0.9.10)
    public_suffix (2.0.5)
    puma (3.7.0)
    pundit (1.1.0)
      activesupport (>= 3.0.0)
    rack (2.0.1)
    rack-protection (1.5.3)
      rack
    rack-test (0.6.3)
      rack (>= 1.0)
    rails (5.0.1)
      actioncable (= 5.0.1)
      actionmailer (= 5.0.1)
      actionpack (= 5.0.1)
      actionview (= 5.0.1)
      activejob (= 5.0.1)
      activemodel (= 5.0.1)
      activerecord (= 5.0.1)
      activesupport (= 5.0.1)
      bundler (>= 1.3.0, < 2.0)
      railties (= 5.0.1)
      sprockets-rails (>= 2.0.0)
    rails-controller-testing (1.0.1)
      actionpack (~> 5.x)
      actionview (~> 5.x)
      activesupport (~> 5.x)
    rails-dom-testing (2.0.2)
      activesupport (>= 4.2.0, < 6.0)
      nokogiri (~> 1.6)
    rails-html-sanitizer (1.0.3)
      loofah (~> 2.0)
    rails_12factor (0.0.3)
      rails_serve_static_assets
      rails_stdout_logging
    rails_best_practices (1.17.0)
      activesupport
      code_analyzer (>= 0.4.3)
      erubis
      i18n
      json
      require_all
      ruby-progressbar
    rails_serve_static_assets (0.0.5)
    rails_stdout_logging (0.0.5)
    railties (5.0.1)
      actionpack (= 5.0.1)
      activesupport (= 5.0.1)
      method_source
      rake (>= 0.8.7)
      thor (>= 0.18.1, < 2.0)
    rainbow (2.2.1)
    rake (11.3.0)
    rb-fsevent (0.9.8)
    rb-inotify (0.9.8)
      ffi (>= 0.5.0)
    react-rails (1.10.0)
      babel-transpiler (>= 0.7.0)
      coffee-script-source (~> 1.8)
      connection_pool
      execjs
      railties (>= 3.2)
      tilt
    redcarpet (3.4.0)
    redis (3.3.3)
    require_all (1.4.0)
    responders (2.3.0)
      railties (>= 4.2.0, < 5.1)
    rest-client (2.0.0)
      http-cookie (>= 1.0.2, < 2.0)
      mime-types (>= 1.16, < 4.0)
      netrc (~> 0.8)
    rotp (2.1.2)
    rqrcode (0.10.1)
      chunky_png (~> 1.0)
    rqrcode-rails3 (0.1.7)
      rqrcode (>= 0.4.2)
    rspec-core (3.6.0.beta2)
      rspec-support (= 3.6.0.beta2)
    rspec-expectations (3.6.0.beta2)
      diff-lcs (>= 1.2.0, < 2.0)
      rspec-support (= 3.6.0.beta2)
    rspec-mocks (3.6.0.beta2)
      diff-lcs (>= 1.2.0, < 2.0)
      rspec-support (= 3.6.0.beta2)
    rspec-rails (3.6.0.beta2)
      actionpack (>= 3.0)
      activesupport (>= 3.0)
      railties (>= 3.0)
      rspec-core (= 3.6.0.beta2)
      rspec-expectations (= 3.6.0.beta2)
      rspec-mocks (= 3.6.0.beta2)
      rspec-support (= 3.6.0.beta2)
    rspec-support (3.6.0.beta2)
    rspec_junit_formatter (0.2.3)
      builder (< 4)
      rspec-core (>= 2, < 4, != 2.12.0)
    rubocop (0.47.1)
      parser (>= 2.3.3.1, < 3.0)
      powerpack (~> 0.1)
      rainbow (>= 1.99.1, < 3.0)
      ruby-progressbar (~> 1.7)
      unicode-display_width (~> 1.0, >= 1.0.1)
    ruby-progressbar (1.8.1)
    sass (3.4.23)
    sass-rails (5.0.6)
      railties (>= 4.0.0, < 6)
      sass (~> 3.1)
      sprockets (>= 2.8, < 4.0)
      sprockets-rails (>= 2.0, < 4.0)
      tilt (>= 1.1, < 3)
    scss_lint (0.52.0)
      rake (>= 0.9, < 13)
      sass (~> 3.4.20)
    sexp_processor (4.8.0)
    shoulda-matchers (3.1.1)
      activesupport (>= 4.0.0)
    sidekiq (4.2.9)
      concurrent-ruby (~> 1.0)
      connection_pool (~> 2.2, >= 2.2.0)
      rack-protection (>= 1.5.0)
      redis (~> 3.2, >= 3.2.1)
    simplecov (0.13.0)
      docile (~> 1.1.0)
      json (>= 1.8, < 3)
      simplecov-html (~> 0.10.0)
    simplecov-html (0.10.0)
    slop (3.6.0)
    spring (2.0.1)
      activesupport (>= 4.2)
    sprockets (3.7.1)
      concurrent-ruby (~> 1.0)
      rack (> 1, < 3)
    sprockets-rails (3.2.0)
      actionpack (>= 4.0)
      activesupport (>= 4.0)
      sprockets (>= 3.0.0)
    stripe (1.58.0)
      rest-client (>= 1.4, < 4.0)
    term-ansicolor (1.4.0)
      tins (~> 1.0)
    terminal-table (1.7.3)
      unicode-display_width (~> 1.1.1)
    thor (0.19.4)
    thread (0.2.2)
    thread_safe (0.3.5)
    tilt (2.0.6)
    timecop (0.8.1)
    timers (4.0.4)
      hitimes
    tins (1.13.2)
    train_track (0.3.0)
      activesupport (>= 4.0.0)
    turbolinks (5.0.1)
      turbolinks-source (~> 5)
    turbolinks-source (5.0.0)
    tzinfo (1.2.2)
      thread_safe (~> 0.1)
    uglifier (3.0.4)
      execjs (>= 0.3.0, < 3)
    unf (0.1.4)
      unf_ext
    unf_ext (0.0.7.2)
    unicode-display_width (1.1.3)
    uniform_notifier (1.10.0)
    warden (1.2.7)
      rack (>= 1.0)
    webpack-rails (0.9.10)
      railties (>= 3.2.0)
    websocket-driver (0.6.5)
      websocket-extensions (>= 0.1.0)
    websocket-extensions (0.1.2)
    will_paginate (3.1.5)
    xpath (2.0.0)
      nokogiri (~> 1.3)
    yajl-ruby (1.3.0)

PLATFORMS
  ruby

DEPENDENCIES
  annotate
  apipony
  autoprefixer-rails
  aws-sdk (~> 2.0)
  better_errors
  binding_of_caller
  brakeman
  bullet
  bundler-audit
  capybara
  capybara-screenshot
  capybara-webkit
  coffee-rails
  dalli
  database_cleaner
  delayed_paperclip
  devise (>= 4.0.0.rc1)
  devise-two-factor (~> 3.0.0)
  dotenv-rails
  factory_girl_rails
  faker
  fontcustom
  foreman
  friendly_id
  i18n
  i18n-tasks
  jbuilder
  jquery-rails
  jquery-turbolinks
  letter_opener_web
  migration_data
  mini_magick
  newrelic_rpm
  oauth2
  paperclip (~> 5.0.0.beta2)
  pg
  possessive
  pry
  pry-rails
  puma
  pundit
  rails (~> 5.0.1)
  rails-controller-testing
  rails_12factor
  rails_best_practices
  react-rails
  redcarpet
  rqrcode-rails3
  rspec-rails (>= 3.5.0.beta1)
  rspec_junit_formatter
  rubocop
  sass-rails
  scss_lint
  shoulda-matchers
  sidekiq
  simplecov
  spring
  stripe
  timecop
  train_track
  turbolinks (~> 5.0.0.beta)
  uglifier
  webpack-rails
  will_paginate
  yajl-ruby

RUBY VERSION
   ruby 2.4.0p0

BUNDLED WITH
   1.13.7
